GIT
  remote: git://github.com/j-wilkins/redis-namespace.git
  revision: 7bfd7f485d9ac788cf8a181d281aa5b724930bfb
  ref: 7bfd7f485d9ac788cf8a181d281aa5b724930bfb
  specs:
    redis-namespace (1.2.1)
      redis (~> 3.0.0)

PATH
  remote: .
  specs:
    line_up (0.0.2)
      multi_json
      redis-namespace
      trouble

GEM
  remote: http://rubygems.org/
  specs:
    coderay (1.0.9)
    diff-lcs (1.2.1)
    guard (1.6.2)
      listen (>= 0.6.0)
      lumberjack (>= 1.0.2)
      pry (>= 0.9.10)
      terminal-table (>= 1.4.3)
      thor (>= 0.14.6)
    guard-rspec (2.5.0)
      guard (>= 1.1)
      rspec (~> 2.11)
    listen (0.7.3)
    lumberjack (1.0.2)
    method_source (0.8.1)
    multi_json (1.6.1)
    pry (0.9.12)
      coderay (~> 1.0.5)
      method_source (~> 0.8)
      slop (~> 3.4)
    rb-fsevent (0.9.3)
    redis (3.0.3)
    rspec (2.13.0)
      rspec-core (~> 2.13.0)
      rspec-expectations (~> 2.13.0)
      rspec-mocks (~> 2.13.0)
    rspec-core (2.13.0)
    rspec-expectations (2.13.0)
      diff-lcs (>= 1.1.3, < 2.0)
    rspec-mocks (2.13.0)
    slop (3.4.3)
    terminal-table (1.4.5)
    thor (0.17.0)
    trouble (0.0.6)

PLATFORMS
  ruby

DEPENDENCIES
  guard-rspec
  line_up!
  rb-fsevent
  redis-namespace!
  rspec
