PATH
  remote: .
  specs:
    line_up (0.1.3)
      multi_json
      redis-namespace (>= 1.3.0)

GEM
  remote: https://rubygems.org/
  specs:
    connection_pool (2.3.0)
    diff-lcs (1.2.5)
    multi_json (1.15.0)
    redis (5.0.5)
      redis-client (>= 0.9.0)
    redis-client (0.11.2)
      connection_pool
    redis-namespace (1.10.0)
      redis (>= 4)
    rspec (3.0.0)
      rspec-core (~> 3.0.0)
      rspec-expectations (~> 3.0.0)
      rspec-mocks (~> 3.0.0)
    rspec-core (3.0.2)
      rspec-support (~> 3.0.0)
    rspec-expectations (3.0.2)
      diff-lcs (>= 1.2.0, < 2.0)
      rspec-support (~> 3.0.0)
    rspec-mocks (3.0.2)
      rspec-support (~> 3.0.0)
    rspec-support (3.0.2)

PLATFORMS
  ruby

DEPENDENCIES
  line_up!
  rspec

BUNDLED WITH
   2.0.1
